{
    "Modality": "MR",
    "MagneticFieldStrength": 3,
    "ImagingFrequency": 123.18656,
    "Manufacturer": "Siemens",
    "ManufacturersModelName": "Skyra",
    "DeviceSerialNumber": "45369",
    "BodyPartExamined": "BRAIN",
    "PatientPosition": "HFS",
    "SoftwareVersions": "syngo MR D13",
    "MRAcquisitionType": "2D",
    "SeriesDescription": "TRA T2 TSE STEALTH",
    "ProtocolName": "TRA T2 TSE STEALTH",
    "ScanningSequence": "SE",
    "SequenceVariant": "SK\\SP\\OSP",
    "SequenceName": "*tse2d1_12",
    "ImageType": [
        "ORIGINAL",
        "PRIMARY",
        "M",
        "ND",
        "NORM"
    ],
    "NonlinearGradientCorrection": false,
    "SeriesNumber": 38,
    "AcquisitionTime": "13:28:6.335000",
    "AcquisitionNumber": 1,
    "SliceThickness": 2,
    "SpacingBetweenSlices": 2,
    "SAR": 0.810936,
    "NumberOfAverages": 2,
    "EchoTime": 0.095,
    "RepetitionTime": 7.29,
    "SpoilingState": true,
    "FlipAngle": 180,
    "PartialFourier": 0.046875,
    "PercentPhaseFOV": 100,
    "PercentSampling": 100,
    "EchoTrainLength": 12,
    "PhaseEncodingSteps": 264,
    "AcquisitionMatrixPE": 256,
    "ReconMatrixPE": 256,
    "PixelBandwidth": 130,
    "PhaseEncodingAxis": "j",
    "SliceTiming": [
        127.656,
        0,
        127.828,
        0.17188,
        128.016,
        0.34375,
        128.188,
        0.51562,
        128.359,
        0.6875,
        128.531,
        0.85938,
        128.703,
        1.03125,
        128.875,
        1.20312,
        129.047,
        1.375,
        129.219,
        1.5625,
        129.391,
        1.73438,
        129.578,
        1.90625,
        129.75,
        2.07812,
        129.922,
        2.25,
        130.094,
        2.42188,
        130.266,
        2.59375,
        130.438,
        2.76562,
        130.609,
        2.9375,
        130.781,
        3.125,
        130.953,
        3.29688,
        131.141,
        3.46875,
        131.312,
        3.64062,
        131.484,
        3.8125,
        131.656,
        3.98438,
        131.828,
        4.15625,
        132,
        4.32812,
        132.172,
        4.5,
        132.344,
        4.6875,
        132.516,
        4.85938,
        132.703,
        5.03125,
        132.875,
        5.20312,
        133.047,
        5.375,
        133.219,
        5.54688,
        133.391,
        5.71875,
        133.562,
        5.89062,
        133.734,
        6.0625,
        133.906,
        6.23438,
        134.078,
        6.42188,
        134.266,
        6.59375,
        134.438,
        6.76562,
        134.609,
        6.9375,
        134.781,
        7.10938
    ],
    "ImageOrientationPatientDICOM": [
        1,
        0,
        0,
        0,
        1,
        0
    ],
    "InPlanePhaseEncodingDirectionDICOM": "COL",
    "BidsGuess": [
        "anat",
        "_acq-tse2_run-38_T2w"
    ],
    "ConversionSoftware": "dcm2niix",
    "ConversionSoftwareVersion": "v1.0.20240202",
    "Dcm2bidsVersion": "3.1.1"
}