{"Modality":"MR","MagneticFieldStrength":3,"ImagingFrequency":123.225384,"Manufacturer":"Siemens","ManufacturersModelName":"TrioTim","DeviceSerialNumber":"35064","BodyPartExamined":"HEAD","PatientPosition":"HFS","SoftwareVersions":"syngo MR B17","MRAcquisitionType":"2D","SeriesDescription":"act_TRA fMRI LANGUAGE","ProtocolName":"act_TRA fMRI LANGUAGE","ScanningSequence":"EP","SequenceVariant":"SK","ScanOptions":"FS","SequenceName":"*epfid2d1_64","ImageType":["ORIGINAL","PRIMARY","FMRI","NONE","ND","MOSAIC"],"NonlinearGradientCorrection":false,"SeriesNumber":10,"AcquisitionTime":"09:49:15.547500","AcquisitionNumber":1,"SliceThickness":4,"SpacingBetweenSlices":4,"SAR":0.1646,"EchoTime":0.027,"RepetitionTime":2.61,"FlipAngle":90,"PercentPhaseFOV":100,"PercentSampling":100,"PhaseEncodingSteps":64,"AcquisitionMatrixPE":64,"ReconMatrixPE":64,"PixelBandwidth":1905,"PhaseEncodingAxis":"j","ImageOrientationPatientDICOM":[1,0,0,0,1,0],"InPlanePhaseEncodingDirectionDICOM":"COL","BidsGuess":["func","_acq-epfid2_dir-AP_run-10_bold"],"ConversionSoftware":"dcm2niix","ConversionSoftwareVersion":"v1.0.20240202","Dcm2bidsVersion":"3.1.1","TaskName":"language"}