{
    "Modality": "MR",
    "MagneticFieldStrength": 3,
    "ImagingFrequency": 123.225421,
    "Manufacturer": "Siemens",
    "ManufacturersModelName": "TrioTim",
    "DeviceSerialNumber": "35064",
    "BodyPartExamined": "HEAD",
    "PatientPosition": "HFS",
    "SoftwareVersions": "syngo MR B17",
    "MRAcquisitionType": "3D",
    "SeriesDescription": "COR T2 SPACE WHOLE HEAD",
    "ProtocolName": "COR T2 SPACE WHOLE HEAD",
    "ScanningSequence": "SE",
    "SequenceVariant": "SK\\SP\\OSP",
    "ScanOptions": "PFP",
    "SequenceName": "*spc3d1_157",
    "ImageType": [
        "ORIGINAL",
        "PRIMARY",
        "M",
        "ND",
        "NORM"
    ],
    "NonlinearGradientCorrection": false,
    "SeriesNumber": 35,
    "AcquisitionTime": "10:40:34.767500",
    "AcquisitionNumber": 1,
    "SliceThickness": 2.5,
    "SAR": 0.200331,
    "NumberOfAverages": 2,
    "EchoTime": 0.376,
    "RepetitionTime": 3.2,
    "SpoilingState": true,
    "FlipAngle": 120,
    "VariableFlipAngleFlag": true,
    "PercentPhaseFOV": 75,
    "PercentSampling": 100.694,
    "EchoTrainLength": 157,
    "PhaseEncodingSteps": 282,
    "AcquisitionMatrixPE": 290,
    "ReconMatrixPE": 288,
    "PixelBandwidth": 434,
    "PhaseEncodingAxis": "i",
    "ImageOrientationPatientDICOM": [
        0.999642,
        0.00255595,
        -0.026625,
        -0.0250215,
        0.441137,
        -0.897091
    ],
    "InPlanePhaseEncodingDirectionDICOM": "ROW",
    "ConversionSoftware": "dcm2niix",
    "ConversionSoftwareVersion": "v1.0.20240202",
    "Dcm2bidsVersion": "3.1.1"
}